PATH
  remote: ../ruby-interface
  specs:
    ruby-interface (0.0.1)
      activesupport (> 0.1)
      i18n (> 0.1)

PATH
  remote: .
  specs:
    zactor (0.0.1)
      activesupport (> 0.1)
      bson (> 0.1)
      bson_ext (> 0.1)
      em-zeromq (> 0.1)
      ffi (> 0.1)
      ffi-rzmq (> 0.1)
      ruby-interface (> 0)
      ruby-interface

GEM
  remote: http://rubygems.org/
  specs:
    activesupport (3.0.5)
    archive-tar-minitar (0.5.2)
    bluecloth (2.1.0)
    bson (1.2.4)
    bson_ext (1.2.4)
    builder (3.0.0)
    columnize (0.3.2)
    configuration (1.2.0)
    diff-lcs (1.1.2)
    em-zeromq (0.2.1)
      eventmachine (>= 1.0.0.beta.3)
      ffi-rzmq (>= 0.7.2)
    eventmachine (1.0.0.beta.3)
    ffi (1.0.7)
      rake (>= 0.8.7)
    ffi-rzmq (0.7.2)
    geminabox (0.2.11)
      builder
      sinatra
    git (1.2.5)
    growl (1.0.3)
    guard (0.3.0)
      open_gem (~> 1.4.2)
      thor (~> 0.14.6)
    guard-rspec (0.1.9)
      guard (>= 0.2.2)
    i18n (0.5.0)
    jeweler (1.5.2)
      bundler (~> 1.0.0)
      git (>= 1.2.5)
      rake
    launchy (0.3.7)
      configuration (>= 0.0.5)
      rake (>= 0.8.1)
    linecache19 (0.5.11)
      ruby_core_source (>= 0.1.4)
    open_gem (1.4.2)
      launchy (~> 0.3.5)
    rack (1.2.2)
    rake (0.8.7)
    rcov (0.9.9)
    rr (1.0.2)
    rspec (2.3.0)
      rspec-core (~> 2.3.0)
      rspec-expectations (~> 2.3.0)
      rspec-mocks (~> 2.3.0)
    rspec-core (2.3.1)
    rspec-expectations (2.3.0)
      diff-lcs (~> 1.1.2)
    rspec-mocks (2.3.0)
    ruby-debug-base19 (0.11.24)
      columnize (>= 0.3.1)
      linecache19 (>= 0.5.11)
      ruby_core_source (>= 0.1.4)
    ruby-debug19 (0.11.6)
      columnize (>= 0.3.1)
      linecache19 (>= 0.5.11)
      ruby-debug-base19 (>= 0.11.19)
    ruby_core_source (0.1.4)
      archive-tar-minitar (>= 0.5.2)
    sinatra (1.2.1)
      rack (~> 1.1)
      tilt (>= 1.2.2, < 2.0)
    thor (0.14.6)
    tilt (1.2.2)
    undev (0.0.7)
      geminabox
    yard (0.6.5)

PLATFORMS
  ruby

DEPENDENCIES
  bluecloth
  bundler (~> 1.0.0)
  growl
  guard-rspec
  jeweler (~> 1.5.2)
  rcov
  rr
  rspec (~> 2.3.0)
  ruby-debug19
  ruby-interface!
  undev
  yard (~> 0.6.0)
  zactor!
